GIT
  remote: https://github.com/meew0/discordrb
  revision: 2c2b50e32c055aa8288b34644346a10696d5efa1
  specs:
    discordrb (3.3.0)
      discordrb-webhooks (~> 3.3.0)
      ffi (>= 1.9.24)
      opus-ruby
      rest-client (>= 2.0.0)
      websocket-client-simple (>= 0.3.0)
    discordrb-webhooks (3.3.0)
      rest-client (>= 2.1.0.rc1)

GEM
  remote: https://rubygems.org/
  specs:
    ast (2.4.0)
    backport (1.1.2)
    benchmark (0.1.0)
    coderay (1.1.2)
    configatron (4.5.1)
    domain_name (0.5.20190701)
      unf (>= 0.0.5, < 1.0.0)
    e2mmap (0.1.0)
    event_emitter (0.2.6)
    ffi (1.12.2)
    http-accept (1.7.0)
    http-cookie (1.0.3)
      domain_name (~> 0.5)
    jaro_winkler (1.5.4)
    maruku (0.7.3)
    method_source (0.9.2)
    mime-types (3.3.1)
      mime-types-data (~> 3.2015)
    mime-types-data (3.2019.1009)
    mini_portile2 (2.4.0)
    netrc (0.11.0)
    nokogiri (1.10.8)
      mini_portile2 (~> 2.4.0)
    opus-ruby (1.0.1)
      ffi
    parallel (1.19.1)
    parser (2.7.0.2)
      ast (~> 2.4.0)
    pry (0.12.2)
      coderay (~> 1.1.0)
      method_source (~> 0.9.0)
    rainbow (3.0.0)
    rest-client (2.1.0)
      http-accept (>= 1.7.0, < 2.0)
      http-cookie (>= 1.0.2, < 2.0)
      mime-types (>= 1.16, < 4.0)
      netrc (~> 0.8)
    reverse_markdown (1.4.0)
      nokogiri
    rexml (3.2.4)
    rmagick (4.1.0.rc2)
    rubocop (0.80.0)
      jaro_winkler (~> 1.5.1)
      parallel (~> 1.10)
      parser (>= 2.7.0.1)
      rainbow (>= 2.2.2, < 4.0)
      rexml
      ruby-progressbar (~> 1.7)
      unicode-display_width (>= 1.4.0, < 1.7)
    rubocop-performance (1.5.2)
      rubocop (>= 0.71.0)
    ruby-progressbar (1.10.1)
    solargraph (0.38.5)
      backport (~> 1.1)
      benchmark
      bundler (>= 1.17.2)
      e2mmap
      jaro_winkler (~> 1.5)
      maruku (~> 0.7, >= 0.7.3)
      nokogiri (~> 1.9, >= 1.9.1)
      parser (~> 2.3)
      reverse_markdown (~> 1.0, >= 1.0.5)
      rubocop (~> 0.52)
      thor (~> 1.0)
      tilt (~> 2.0)
      yard (~> 0.9)
    thor (1.0.1)
    tilt (2.0.10)
    unf (0.1.4)
      unf_ext
    unf_ext (0.0.7.6)
    unicode-display_width (1.6.1)
    websocket (1.2.8)
    websocket-client-simple (0.3.0)
      event_emitter
      websocket
    yard (0.9.24)

PLATFORMS
  ruby

DEPENDENCIES
  configatron (~> 4.5)
  discordrb!
  pry
  rmagick (>= 4.1.0.rc2, < 5)
  rubocop (~> 0.80.0)
  rubocop-performance (~> 1.1)
  solargraph
  yard (~> 0.9.20)

BUNDLED WITH
   2.1.4
